GEM
  remote: https://rubygems.org/
  specs:
    activemodel (3.2.14)
      activesupport (= 3.2.14)
      builder (~> 3.0.0)
    activesupport (3.2.14)
      i18n (~> 0.6, >= 0.6.4)
      multi_json (~> 1.0)
    bson (1.9.1)
    bson_ext (1.9.1)
      bson (~> 1.9.1)
    builder (3.0.4)
    cachy (0.3.1)
      mini_memory_store
    coderay (1.0.9)
    i18n (0.6.4)
    json (1.8.0)
    json_pure (1.8.0)
    method_source (0.8.1)
    mini_memory_store (0.1.0)
    mini_portile (0.5.1)
    mongo (1.9.1)
      bson (~> 1.9.1)
    mongoid (3.1.4)
      activemodel (~> 3.2)
      moped (~> 1.4)
      origin (~> 1.0)
      tzinfo (~> 0.3.22)
    mongoid_fulltext (0.6.1)
      mongoid (~> 3.0)
      unicode_utils (~> 1.0.0)
    moped (1.5.0)
    multi_json (1.7.8)
    nokogiri (1.6.0)
      mini_portile (~> 0.5.0)
    origin (1.1.0)
    paginator (1.2.0)
    phantomjs.rb (1.0.1)
    pry (0.9.12.2)
      coderay (~> 1.0.5)
      method_source (~> 0.8)
      slop (~> 3.4)
    rack (1.5.2)
    rack-protection (1.5.0)
      rack
    redis (3.0.4)
    sanitize (2.0.6)
      nokogiri (>= 1.4.4)
    sinatra (1.4.3)
      rack (~> 1.4)
      rack-protection (~> 1.4)
      tilt (~> 1.3, >= 1.3.4)
    sinatra-cross_origin (0.2.0)
    sinatra-jsonp (0.3.2)
      json_pure (~> 1.4)
      sinatra (~> 1.0)
    slop (3.4.5)
    tilt (1.4.1)
    twfy (1.0.1)
      json
      paginator
    tzinfo (0.3.37)
    unicode_utils (1.0.0)

PLATFORMS
  ruby

DEPENDENCIES
  bson_ext
  cachy
  mongo
  mongoid
  mongoid_fulltext
  nokogiri
  phantomjs.rb
  pry
  redis
  sanitize
  sinatra
  sinatra-cross_origin
  sinatra-jsonp
  twfy
